GEM
  remote: https://rubygems.org/
  specs:
    activemodel (7.0.4.2)
      activesupport (= 7.0.4.2)
    activesupport (7.0.4.2)
      concurrent-ruby (~> 1.0, >= 1.0.2)
      i18n (>= 1.6, < 2)
      minitest (>= 5.1)
      tzinfo (~> 2.0)
    bson (4.15.0)
    concurrent-ruby (1.2.2)
    daemons (1.4.1)
    eventmachine (1.2.7)
    i18n (1.12.0)
      concurrent-ruby (~> 1.0)
    minitest (5.17.0)
    mongo (2.18.2)
      bson (>= 4.14.1, < 5.0.0)
    mongoid (8.0.3)
      activemodel (>= 5.1, < 7.1, != 7.0.0)
      mongo (>= 2.18.0, < 3.0.0)
      ruby2_keywords (~> 0.0.5)
    multi_json (1.15.0)
    mustermann (3.0.0)
      ruby2_keywords (~> 0.0.1)
    rack (2.2.6.2)
    rack-protection (3.0.5)
      rack
    ruby2_keywords (0.0.5)
    sinatra (3.0.5)
      mustermann (~> 3.0)
      rack (~> 2.2, >= 2.2.4)
      rack-protection (= 3.0.5)
      tilt (~> 2.0)
    sinatra-contrib (3.0.5)
      multi_json
      mustermann (~> 3.0)
      rack-protection (= 3.0.5)
      sinatra (= 3.0.5)
      tilt (~> 2.0)
    thin (1.8.1)
      daemons (~> 1.0, >= 1.0.9)
      eventmachine (~> 1.0, >= 1.0.4)
      rack (>= 1, < 3)
    tilt (2.1.0)
    tzinfo (2.0.6)
      concurrent-ruby (~> 1.0)

PLATFORMS
  x64-mingw-ucrt

DEPENDENCIES
  mongoid
  sinatra
  sinatra-contrib
  thin

BUNDLED WITH
   2.3.26
